GEM
  remote: https://rubygems.org/
  specs:
    curses (1.4.6)

PLATFORMS
  arm64-darwin-23
  ruby

DEPENDENCIES
  curses (~> 1.4)

BUNDLED WITH
   2.5.11
